PATH
  remote: .
  specs:
    orderly_garden (0.2.0)
      bundler-audit (> 0)
      rake (~> 10.0)
      rubocop (> 0)

GEM
  remote: https://rubygems.org/
  specs:
    ast (2.2.0)
    bundler-audit (0.4.0)
      bundler (~> 1.2)
      thor (~> 0.18)
    parser (2.3.0.1)
      ast (~> 2.2)
    powerpack (0.1.1)
    rainbow (2.0.0)
    rake (10.5.0)
    rubocop (0.36.0)
      parser (>= 2.3.0.0, < 3.0)
      powerpack (~> 0.1)
      rainbow (>= 1.99.1, < 3.0)
      ruby-progressbar (~> 1.7)
    ruby-progressbar (1.7.5)
    thor (0.19.1)

PLATFORMS
  ruby

DEPENDENCIES
  bundler (~> 1.7)
  orderly_garden!

BUNDLED WITH
   1.11.2
